PATH
  remote: vendor/gitrpc
  specs:
    gitrpc (0.6.0)
      bert (~> 1.1.6)
      charlock_holmes (~> 0.7.6)
      editorconfig (~> 0.1)
      licensee (~> 9.10)
      lmdb (~> 0.4.8)
      msgpack (~> 1.0)
      posix-spawn (~> 0.3)
      rugged (>= 0.26.0b5)

PATH
  remote: vendor/internal-gems/ernicorn
  specs:
    ernicorn (1.0.3)
      bert (>= 1.1.0)
      bertrpc (>= 1.0.0)
      unicorn (>= 4.1)

GEM
  remote: https://rubygems.org/
  specs:
    Ascii85 (1.0.3)
    RedCloth (4.3.2)
    acme-client (2.0.6)
      faraday (>= 0.17, < 2.0.0)
    actioncable (7.0.0.alpha.92281b4)
      actionpack (= 7.0.0.alpha.92281b4)
      activesupport (= 7.0.0.alpha.92281b4)
      nio4r (~> 2.0)
      websocket-driver (>= 0.6.1)
    actionmailbox (7.0.0.alpha.92281b4)
      actionpack (= 7.0.0.alpha.92281b4)
      activejob (= 7.0.0.alpha.92281b4)
      activerecord (= 7.0.0.alpha.92281b4)
      activestorage (= 7.0.0.alpha.92281b4)
      activesupport (= 7.0.0.alpha.92281b4)
      mail (>= 2.7.1)
    actionmailer (7.0.0.alpha.92281b4)
      actionpack (= 7.0.0.alpha.92281b4)
      actionview (= 7.0.0.alpha.92281b4)
      activejob (= 7.0.0.alpha.92281b4)
      activesupport (= 7.0.0.alpha.92281b4)
      mail (~> 2.5, >= 2.5.4)
      rails-dom-testing (~> 2.0)
    actionpack (7.0.0.alpha.92281b4)
      actionview (= 7.0.0.alpha.92281b4)
      activesupport (= 7.0.0.alpha.92281b4)
      rack (~> 2.0, >= 2.0.9)
      rack-test (>= 0.6.3)
      rails-dom-testing (~> 2.0)
      rails-html-sanitizer (~> 1.0, >= 1.2.0)
    actiontext (7.0.0.alpha.92281b4)
      actionpack (= 7.0.0.alpha.92281b4)
      activerecord (= 7.0.0.alpha.92281b4)
      activestorage (= 7.0.0.alpha.92281b4)
      activesupport (= 7.0.0.alpha.92281b4)
      nokogiri (>= 1.8.5)
    actionview (7.0.0.alpha.92281b4)
      activesupport (= 7.0.0.alpha.92281b4)
      builder (~> 3.1)
      erubi (~> 1.4)
      rails-dom-testing (~> 2.0)
      rails-html-sanitizer (~> 1.1, >= 1.2.0)
    actionview_precompiler (0.2.3.65.gc455f62)
      actionview (>= 6.0.a)
    active_record_has_many_split_through (0.1.0.ree303cf)
      activerecord (>= 6.0, < 7)
    activejob (7.0.0.alpha.92281b4)
      activesupport (= 7.0.0.alpha.92281b4)
      globalid (>= 0.3.6)
    activemodel (7.0.0.alpha.92281b4)
      activesupport (= 7.0.0.alpha.92281b4)
    activerecord (7.0.0.alpha.92281b4)
      activemodel (= 7.0.0.alpha.92281b4)
      activesupport (= 7.0.0.alpha.92281b4)
    activestorage (7.0.0.alpha.92281b4)
      actionpack (= 7.0.0.alpha.92281b4)
      activejob (= 7.0.0.alpha.92281b4)
      activerecord (= 7.0.0.alpha.92281b4)
      activesupport (= 7.0.0.alpha.92281b4)
      marcel (~> 0.3.1)
    activesupport (7.0.0.alpha.92281b4)
      concurrent-ruby (~> 1.0, >= 1.0.2)
      i18n (>= 1.6, < 2)
      minitest (>= 5.1)
      tzinfo (~> 2.0)
      zeitwerk (~> 2.3)
    addressable (2.7.0)
      public_suffix (>= 2.0.2, < 5.0)
    afm (0.2.2)
    aleph-client (3.1.0.ra6a478cd)
      faraday (>= 0.17.3, <= 1.0.1)
      google-protobuf (~> 3.5)
      twirp (~> 1.1)
    allocation_sampler (1.0.0)
    android_key_attestation (0.3.0)
    aqueduct-client (0.1.0.rde91e83)
      faraday
      google-protobuf (~> 3.12)
      twirp (>= 1.1)
    arca (2.1.3)
    argon2 (2.0.2)
      ffi (~> 1.9)
      ffi-compiler (>= 0.1)
    asciidoctor (2.0.10.131.g4284a176)
    ast (2.4.1)
    authnd-client (0.0.2.r42fe7cf)
      faraday (~> 0.17.0)
      resilient (~> 0.4)
      twirp (~> 1.1)
    authzd-client (0.9.2.raf966021)
      resilient (~> 0.4)
      twirp (~> 1.1)
    awrence (1.1.1)
    aws-eventstream (1.1.0)
    aws-partitions (1.430.0)
    aws-sdk-core (3.112.0)
      aws-eventstream (~> 1, >= 1.0.2)
      aws-partitions (~> 1, >= 1.239.0)
      aws-sigv4 (~> 1.1)
      jmespath (~> 1.0)
    aws-sdk-kms (1.42.0)
      aws-sdk-core (~> 3, >= 3.112.0)
      aws-sigv4 (~> 1.1)
    aws-sdk-s3 (1.89.0)
      aws-sdk-core (~> 3, >= 3.112.0)
      aws-sdk-kms (~> 1)
      aws-sigv4 (~> 1.1)
    aws-sigv4 (1.2.2)
      aws-eventstream (~> 1, >= 1.0.2)
    azure_key_vault (0.18.0)
      ms_rest_azure (~> 0.12.0)
    azure_mgmt_compute (0.21.1)
      ms_rest_azure (~> 0.12.0)
    azure_mgmt_key_vault (0.17.6)
      ms_rest_azure (~> 0.12.0)
    azure_mgmt_resources (0.18.0)
      ms_rest_azure (~> 0.12.0)
    backport (1.1.2)
    badge-ruler (0.0.1)
    bcrypt (3.1.13)
    benchmark (0.1.1)
    benchmark-ips (2.8.2)
    bert (1.1.10.48.g2a626e0)
      mochilo (>= 1.3, != 2.0)
    bertrpc (1.3.1.pre.github9)
      bert (>= 1.1.0, < 2.0.0)
    better_html (1.0.15)
      actionview (>= 4.0)
      activesupport (>= 4.0)
      ast (~> 2.0)
      erubi (~> 1.4)
      html_tokenizer (~> 0.0.6)
      parser (>= 2.4)
      smart_properties
    bindata (2.4.6)
    bootsnap (1.7.2)
      msgpack (~> 1.0)
    braintree (2.104.1)
      builder (>= 2.0.0)
    break (0.21.0)
    browser (5.1.0)
    builder (3.2.3)
    byebug (11.1.3)
    capybara (3.10.0.660.g3e28cb90)
      addressable
      mini_mime (>= 0.1.3)
      nokogiri (~> 1.8)
      rack (>= 1.6.0)
      rack-test (>= 0.6.3)
      regexp_parser (~> 1.5)
      xpath (~> 3.2)
    cbor (0.5.9.6)
    charlock_holmes (0.7.7)
    chatops-controller (4.1.0.11.gc7ab6e2)
      rails (>= 4.0)
    chatterbox-client (2.1.3.gd04a86a)
    childprocess (3.0.0)
    chroma (0.2.0)
    chunky_png (1.3.15)
    coconductor (0.10.1)
      licensee (~> 9.9, >= 9.9.4)
      thor (>= 0.18, < 2.0)
      toml (~> 0.2)
    codeowners (0.0.1.r21f9e57)
      pathspec (~> 0.1.2)
    coderay (1.1.3)
    color (1.8)
    commander (4.5.2)
      highline (~> 2.0.0)
    committee (3.2.0)
      json_schema (~> 0.14, >= 0.14.3)
      openapi_parser (>= 0.2.2)
      rack (>= 1.5)
    commonmarker (0.21.0.2.g91d4548)
      ruby-enum (~> 0.5)
    concurrent-ruby (1.1.7)
    concurrent-ruby-ext (1.1.7)
      concurrent-ruby (= 1.1.7)
    connection_pool (2.2.3)
    constant_resolver (0.1.5)
    cose (1.2.0)
      cbor (~> 0.5.9)
      openssl-signature_algorithm (~> 1.0)
    crack (0.4.3)
      safe_yaml (~> 1.0.0)
    crass (1.0.6)
    creole (0.3.6)
    css_parser (1.7.1)
      addressable
    cvss-suite (2.0.1)
    darrrr (0.1.6)
      addressable
      bindata
      faraday
      rake
    debugger-ruby_core_source (1.3.8)
    declarative (0.0.20)
    declarative-option (0.1.0)
    diff-lcs (1.1.2)
    digest-crc (0.6.1)
      rake (~> 13.0)
    divvy (1.1.4.g677870a)
    dnsruby (1.61.4.4.gad45170)
      simpleidn (~> 0.1)
    docile (1.3.5)
    dogapi (1.28.0)
      multi_json
    dogstatsd-ruby (4.1.0)
    domain_name (0.5.20190701)
      unf (>= 0.0.5, < 1.0.0)
    dotenv (2.7.6)
    driftwood-client (0.0.1.r65554d4b)
      faraday (~> 0.9)
      twirp
    duo_api (1.0.1)
    e2mmap (0.1.0)
    earthsmoke (1.2.6)
      google-protobuf (>= 3.12.2)
      typhoeus
    ecma-re-validator (0.2.0)
      regexp_parser (~> 1.2)
    ed25519 (1.2.4)
    editorconfig (0.2.1)
    egress (0.0.8)
    elastomer-client (3.2.3)
      addressable (~> 2.5)
      faraday (~> 0.8)
      faraday_middleware (~> 0.12)
      multi_json (~> 1.12)
      semantic (~> 1.6)
    em-websocket (0.5.0)
      eventmachine (>= 0.12.9)
      http_parser.rb (~> 0.5.3)
    email_reply_parser (0.5.10)
    enterprise-crypto (0.4.23)
      gpgme (~> 2.0.20)
      posix-spawn
    erb_lint (0.0.34)
      activesupport
      better_html (~> 1.0.7)
      html_tokenizer
      rainbow
      rubocop (~> 0.79)
      smart_properties
    erubi (1.9.0)
    escape_utils (1.2.1)
    ethon (0.12.0)
      ffi (>= 1.3.0)
    eventer-client (0.4.2.g50ee773)
      faraday (~> 0.9)
      twirp
    eventmachine (1.2.3)
    excon (0.71.0)
    expression_parser (0.9.0)
    factory_bot (6.1.0)
      activesupport (>= 5.0.0)
    factory_bot_rails (6.1.0)
      factory_bot (~> 6.1.0)
      railties (>= 5.0.0)
    failbot (2.8.0)
    faker (2.11.0)
      i18n (>= 1.6, < 2)
    faraday (0.17.3)
      multipart-post (>= 1.2, < 3)
    faraday-cookie_jar (0.0.7)
      faraday (>= 0.8.0)
      http-cookie (~> 1.0.0)
    faraday_middleware (0.14.0)
      faraday (>= 0.7.4, < 1.0)
    fast_blank (1.0.0)
    fast_gettext (2.0.3)
    ffi (1.13.1)
    ffi-compiler (1.0.1)
      ffi (>= 1.0.0)
      rake
    flipper (0.17.2)
    formatador (0.2.5)
    freno-client (0.8.1)
      faraday (~> 0)
    gemoji (4.0.0.rc1)
    geo_pattern (1.2.1)
      color (~> 1.5)
    geoip2_compat (0.0.3)
    get_process_mem (0.2.7)
      ffi (~> 1.0)
    gettext (3.3.7)
      locale (>= 2.0.5)
      text (>= 1.3.0)
    gettext_i18n_rails (1.8.1)
      fast_gettext (>= 0.9.0)
    geyser-client (0.20.0.rb8370f36)
      net-http-persistent (~> 4.0.0)
      resilient (~> 0.4.0)
      twirp (~> 1.1.0)
    gibbon (2.2.3)
      faraday (>= 0.9.1)
      multi_json (>= 1.11.0)
    github-ds (0.5.0.2.g30f20e8)
      activerecord (>= 3.2)
    github-launch (0.0.1.rc3f6244d2)
      grpc (~> 1.4)
    github-ldap (1.10.1.7.g5a50c9c)
      net-ldap (~> 0.16.0)
    github-linguist (7.13.0)
      charlock_holmes (~> 0.7.6)
      escape_utils (~> 1.2.0)
      mini_mime (~> 1.0)
      rugged (>= 0.25.1)
    github-markup (3.0.4)
    github-pages-health-check (1.16.1.8.g5aea803)
      addressable (~> 2.3)
      dnsruby (~> 1.60)
      octokit (~> 4.0)
      public_suffix (>= 2.0.2, < 5.0)
      typhoeus (~> 1.3)
    github-proto-auditlogs (0.0.1.gf480608)
      twirp (~> 1.1)
    github-proto-features (0.0.1.gf480608)
      twirp (~> 1.1)
    github-proto-insights (1.0.1.rff71795)
      twirp (~> 1.1)
    github-proto-octocat (1.0.0.r07ac63f)
      twirp (~> 1.1)
    github-proto-packageregistry (1.12.1.rbcd12e1)
      twirp (~> 1.1)
    github-proto-policy (1.0.0.r8e0315f)
      twirp (~> 1.1)
    github-proto-repositories (1.2.11.re9f78aa)
      twirp (~> 1.1)
    github-proto-secretscanning (1.3.3.r291106d)
      twirp (~> 1.1)
    github-proto-support (1.1.1.r1d24950)
      twirp (~> 1.1)
    github-proto-users (1.3.0.r47a1f7a)
      twirp (~> 1.1)
    github_chatops_extensions (0.0.2)
      chatterbox-client (= 2.1.3.gd04a86a)
      duo_api (~> 1.0.1)
      failbot (>= 2.0.1, < 3)
      net-ldap (>= 0.16.0)
    globalid (0.4.2)
      activesupport (>= 4.2.0)
    google-api-client (0.48.0)
      addressable (~> 2.5, >= 2.5.1)
      googleauth (~> 0.9)
      httpclient (>= 2.8.1, < 3.0)
      mini_mime (~> 1.0)
      representable (~> 3.0)
      retriable (>= 2.0, < 4.0)
      rexml
      signet (~> 0.12)
    google-protobuf (3.12.4)
    googleapis-common-protos-types (1.0.5)
      google-protobuf (~> 3.11)
    googleauth (0.14.0)
      faraday (>= 0.17.3, < 2.0)
      jwt (>= 1.4, < 3.0)
      memoist (~> 0.16)
      multi_json (~> 1.11)
      os (>= 0.9, < 2.0)
      signet (~> 0.14)
    goomba (0.0.1.399.g354dff8)
    gpgme (2.0.20)
      mini_portile2 (~> 2.1)
    graphql (1.11.8)
    graphql-batch (0.4.3)
      graphql (>= 1.3, < 2)
      promise.rb (~> 0.7.2)
    graphql-client (0.16.0.52.g8fb3a8a)
      activesupport (>= 3.0)
      graphql (~> 1.10)
    graphql-relay-walker (0.3.0)
      graphql (~> 1.8)
    graphql-schema_comparator (1.0.0)
      bundler (>= 1.14)
      graphql (~> 1.10)
      thor (>= 0.19, < 2.0)
    group_syncer (1.6.4.r18b43bbc)
      twirp (~> 1.1)
    grpc (1.31.0.pre2)
      google-protobuf (~> 3.12)
      googleapis-common-protos-types (~> 1.0)
    guard (2.16.2)
      formatador (>= 0.2.4)
      listen (>= 2.7, < 4.0)
      lumberjack (>= 1.0.12, < 2.0)
      nenv (~> 0.1)
      notiffany (~> 0.0)
      pry (>= 0.9.12)
      shellany (~> 0.0)
      thor (>= 0.18.1)
    guard-compat (1.2.1)
    guard-livereload (2.5.2)
      em-websocket (~> 0.5)
      guard (~> 2.8)
      guard-compat (~> 1.0)
      multi_json (~> 1.8)
    hana (1.3.6)
    hashdiff (1.0.1)
    hashery (2.1.2)
    highline (2.0.3)
    hiredis (0.6.3)
    hkdf (0.3.0)
    homograph-detector (0.1.1)
      addressable (~> 2.5)
      unicode-confusable (~> 1.4)
      unicode-scripts (~> 1.3)
    horcrux (0.1.2)
    html-proofer (3.12.2)
      addressable (~> 2.3)
      mercenary (~> 0.3)
      nokogiri (~> 1.10)
      parallel (~> 1.3)
      rainbow (~> 3.0)
      typhoeus (~> 1.3)
      yell (~> 2.0)
    html_tokenizer (0.0.7)
    htmlentities (4.3.4)
    http-accept (1.7.0)
    http-cookie (1.0.3)
      domain_name (~> 0.5)
    http_parser.rb (0.5.3)
    httparty (0.17.1)
      mime-types (~> 3.0)
      multi_xml (>= 0.5.2)
    httpclient (2.8.3)
    hydro-client (0.3.1.154.g3123dbd)
      google-protobuf (~> 3.7)
      ruby-kafka (~> 1.3.0)
      twirp
    i18n (1.7.1)
      concurrent-ruby (~> 1.0)
    inline_svg (1.3.1)
      activesupport (>= 3.0)
      nokogiri (>= 1.6)
    ipaddr (1.2.2)
    ipaddress (0.8.0)
    jaro_winkler (1.5.4)
    jmespath (1.4.0)
    json (2.3.0)
    json-schema (2.8.1)
      addressable (>= 2.4)
    json_schema (0.20.4)
    jwt (2.1.0)
    kgio (2.11.3)
    kramdown (2.3.0)
      rexml
    kramdown-parser-gfm (1.1.0)
      kramdown (~> 2.0)
    ladle (1.0.1)
      open4 (~> 1.0)
    launchy (2.4.3)
      addressable (~> 2.3)
    letter_opener (1.7.0)
      launchy (~> 2.2)
    levenshtein-ffi (1.1.0)
      ffi (~> 1.9)
    licensed (2.14.4)
      bundler (>= 1.10)
      licensee (>= 9.14.0, < 10.0.0)
      parallel (>= 0.18.0)
      pathname-common_prefix (~> 0.0.1)
      reverse_markdown (~> 1.0)
      ruby-xxHash (~> 0.4)
      thor (>= 0.19)
      tomlrb (~> 1.2)
    licensee (9.15.1)
      dotenv (~> 2.0)
      octokit (~> 4.20)
      reverse_markdown (~> 1.0)
      rugged (>= 0.24, < 2.0)
      thor (>= 0.19, < 2.0)
    lightstep (0.16.0.pre.github)
      concurrent-ruby (~> 1.0)
      opentracing (~> 0.5.0)
    liquid (5.0.0)
    listen (3.3.1)
      rb-fsevent (~> 0.10, >= 0.10.3)
      rb-inotify (~> 0.9, >= 0.9.10)
    lmdb (0.4.8)
    locale (2.1.3)
    loofah (2.7.0)
      crass (~> 1.0.2)
      nokogiri (>= 1.5.9)
    lru_redux (0.8.4.14.g99d8d60)
    lumberjack (1.2.8)
    lz4-ruby (0.3.3)
    mail (2.7.1)
      mini_mime (>= 0.1.1)
    mapbox-sdk (2.3.0.9.g727cf07)
      rest-client (~> 2.1.0)
    marcel (0.3.3)
      mimemagic (~> 0.3.2)
    marginalia (1.10.0.1.gc8e4f5e)
      actionpack (>= 2.3)
      activerecord (>= 2.3)
    memcached (1.8.0)
    memoist (0.16.2)
    mercenary (0.3.6)
    metaclass (0.0.4)
    method_source (1.0.0)
    mime-types (3.3.1)
      mime-types-data (~> 3.2015)
    mime-types-data (3.2019.1009)
    mimemagic (0.3.5)
    mini_mime (1.0.2)
    mini_portile2 (2.5.0)
    minitest (5.14.3)
    minitest-focus (1.2.1)
      minitest (>= 4, < 6)
    minitest-stub-const (0.6)
    mocha (1.1.0)
      metaclass (~> 0.0.1)
    mochilo (1.3.5.g70afb07)
    monetize (1.10.0)
      money (~> 6.12)
    money (6.13.8)
      i18n (>= 0.6.4, <= 2)
    money-open-exchange-rates (1.3.0)
      money (~> 6.12)
    mono_logger (1.1.0)
    monolith-twirp-actions-core (1.0.13)
      twirp (~> 1.1)
    monolith-twirp-billing-accounts (1.1.0)
      twirp (~> 1.1)
    monolith-twirp-classroom-integration (1.0.2)
      twirp (~> 1.1)
    monolith-twirp-classroom-repositories (1.0.5)
      twirp (~> 1.1)
    monolith-twirp-classroom-users (1.0.1)
      twirp (~> 1.1)
    monolith-twirp-examples-octocat (1.0.1)
      twirp (~> 1.1)
    monolith-twirp-features-core (1.0.0)
      twirp (~> 1.1)
    monolith-twirp-insights-auth (1.0.0)
      twirp (~> 1.1)
    monolith-twirp-mailreplies-replies (1.0.0)
      twirp (~> 1.1)
    monolith-twirp-octoshift-imports (1.0.20)
      twirp (~> 1.1)
    monolith-twirp-octoshift-migrations (1.1.1)
      twirp (~> 1.1)
    monolith-twirp-packageregistry-auditlog (1.0.2)
      twirp (~> 1.1)
    monolith-twirp-support-helphub (1.11.0)
      twirp (~> 1.1)
    ms_rest (0.7.6)
      concurrent-ruby (~> 1.0)
      faraday (>= 0.9, < 2.0.0)
      timeliness (~> 0.3.10)
    ms_rest_azure (0.12.0)
      concurrent-ruby (~> 1.0)
      faraday (>= 0.9, < 2.0.0)
      faraday-cookie_jar (~> 0.0.6)
      ms_rest (~> 0.7.6)
    msgpack (1.3.0)
    multi_json (1.15.0)
    multi_xml (0.6.0)
    multipart-post (2.1.1)
    murmurhash3 (0.1.6)
    mustache (0.99.4)
    mustermann (1.1.1)
      ruby2_keywords (~> 0.0.1)
    nenv (0.3.0)
    net-http-persistent (4.0.1)
      connection_pool (~> 2.2)
    net-ldap (0.16.2)
    netrc (0.11.0)
    nio4r (2.5.4)
    nokogiri (1.11.1)
      mini_portile2 (~> 2.5.0)
      racc (~> 1.4)
    nokogumbo (2.0.4)
      nokogiri (~> 1.8, >= 1.8.4)
    notiffany (0.1.3)
      nenv (~> 0.1)
      shellany (~> 0.0)
    oa-core (0.3.2.g3930d46)
    oa-enterprise (0.3.2.g3930d46)
      addressable (~> 2.2)
      net-ldap (>= 0.2.2)
      nokogiri (~> 1.5)
      oa-core (= 0.3.2.g3930d46)
      pyu-ruby-sasl (~> 0.0.3.1)
      rubyntlm (~> 0.1.1)
      xmlcanonicalizer (~> 0.1.2)
    oauth2 (1.4.4)
      faraday (>= 0.8, < 2.0)
      jwt (>= 1.0, < 3.0)
      multi_json (~> 1.3)
      multi_xml (~> 0.5)
      rack (>= 1.2, < 3)
    octicons (12.1.0)
      nokogiri (>= 1.6.3.1)
    octicons_helper (12.1.0)
      octicons (= 12.1.0)
      rails
    octokit (4.20.0)
      faraday (>= 0.9)
      sawyer (~> 0.8.0, >= 0.5.3)
    octolytics (0.18.0.1.gaf19991)
    octotracer (0.0.7)
    open4 (1.0.1)
    openapi_parser (0.5.0)
    openssl (2.2.0)
    openssl-signature_algorithm (1.0.0)
    opentracing (0.5.0)
    optimizely-sdk (3.3.1)
      httparty (~> 0.11)
      json-schema (~> 2.6)
      murmurhash3 (~> 0.1)
    org-ruby (0.9.12)
      rubypants (~> 0.2)
    os (1.1.1)
    packwerk (1.1.0)
      activesupport (>= 5.2)
      ast
      better_html
      constant_resolver
      parser
      sorbet-runtime
    parallel (1.19.2)
    parser (2.7.2.0)
      ast (~> 2.4.1)
    parslet (1.8.2)
    pathname-common_prefix (0.0.1)
    pathspec (0.1.2)
    pdf-core (0.9.0)
    pdf-reader (2.2.0)
      Ascii85 (~> 1.0.0)
      afm (~> 0.2.1)
      hashery (~> 2.0)
      ruby-rc4
      ttfunk
    phonelib (0.6.41)
    pinglish (0.2.1)
      rack
    posix-spawn (0.3.15)
    prawn (2.4.0)
      pdf-core (~> 0.9.0)
      ttfunk (~> 1.7)
    prawn-svg (0.31.0)
      css_parser (~> 1.6)
      prawn (>= 0.11.1, < 3)
    prawn-table (0.2.2)
      prawn (>= 1.3.0, < 3.0.0)
    premailer (1.13.1)
      addressable
      css_parser (>= 1.6.0)
      htmlentities (>= 4.0.0)
    presto-client (0.5.2)
      faraday (~> 0.8)
      multi_json (~> 1.0)
    primer_view_components (0.0.31)
      octicons_helper (>= 9.0.0, < 13.0.0)
      rails (>= 5.0.0, < 7.0)
      view_component (>= 2.0.0, < 3.0)
    prometheus_exporter (0.5.3)
    promise.rb (0.7.4)
    prose_diff (0.3.1)
      diff-lcs (~> 1.1.2)
      ffi (~> 1.9)
      levenshtein-ffi
      nokogiri (~> 1.6)
    proto-dependabot-api (0.0.11.rea2a3d47)
      twirp (~> 1.1)
    proto-dependency-graph-api (1.0.0.r86addef7)
      twirp (~> 1.1)
    proto-policies (0.1.5.79.g77e337d)
      twirp (~> 1.1)
    proto-registry-metadata-api (0.12.0.r06e82f2b)
      twirp (~> 1.1)
    pry (0.13.1)
      coderay (~> 1.1)
      method_source (~> 1.0)
    pry-byebug (3.9.0)
      byebug (~> 11.0)
      pry (~> 0.13.0)
    public_suffix (4.0.6)
    pyu-ruby-sasl (0.0.3.3)
    racc (1.5.2)
    rack (2.1.4)
    rack-bug (0.3.0)
      rack (>= 1.0)
    rack-protection (2.0.8.1)
      rack
    rack-test (0.6.3)
      rack (>= 1.0)
    rails (7.0.0.alpha.92281b4)
      actioncable (= 7.0.0.alpha.92281b4)
      actionmailbox (= 7.0.0.alpha.92281b4)
      actionmailer (= 7.0.0.alpha.92281b4)
      actionpack (= 7.0.0.alpha.92281b4)
      actiontext (= 7.0.0.alpha.92281b4)
      actionview (= 7.0.0.alpha.92281b4)
      activejob (= 7.0.0.alpha.92281b4)
      activemodel (= 7.0.0.alpha.92281b4)
      activerecord (= 7.0.0.alpha.92281b4)
      activestorage (= 7.0.0.alpha.92281b4)
      activesupport (= 7.0.0.alpha.92281b4)
      bundler (>= 1.15.0)
      railties (= 7.0.0.alpha.92281b4)
      sprockets-rails (>= 2.0.0)
    rails-controller-testing (1.0.5)
      actionpack (>= 5.0.1.rc1)
      actionview (>= 5.0.1.rc1)
      activesupport (>= 5.0.1.rc1)
    rails-dom-testing (2.0.3)
      activesupport (>= 4.2.0)
      nokogiri (>= 1.6)
    rails-html-sanitizer (1.3.0)
      loofah (~> 2.3)
    railties (7.0.0.alpha.92281b4)
      actionpack (= 7.0.0.alpha.92281b4)
      activesupport (= 7.0.0.alpha.92281b4)
      method_source
      rake (>= 0.8.7)
      thor (~> 1.0)
    rainbow (3.0.0)
    raindrops (0.19.1)
    rake (13.0.1)
    rb-fsevent (0.10.4)
    rb-inotify (0.10.1)
      ffi (~> 1.0)
    rblineprof (0.3.7)
      debugger-ruby_core_source (~> 1.3)
    rbnacl (7.1.1)
      ffi
    rbtrace (0.4.10)
      ffi (>= 1.0.6)
      msgpack (>= 0.4.3)
      trollop (>= 1.16.2)
    rdoc (6.2.1)
    redis (4.1.0)
    redis-namespace (1.6.0)
      redis (>= 3.0.4)
    regexp_parser (1.7.1)
    representable (3.0.4)
      declarative (< 0.1.0)
      declarative-option (< 0.2.0)
      uber (< 0.2.0)
    resilient (0.4.0)
    resque (1.20.0.74.g5be47e2)
      multi_json (~> 1.0)
      redis (~> 4.0)
      redis-namespace (~> 1.6)
      sinatra (>= 0.9.2)
      vegas (~> 0.1.2)
    resqued (0.11.0)
      kgio (~> 2.6)
      mono_logger (~> 1.0)
      resque (>= 1.9.1)
    rest-client (2.1.0)
      http-accept (>= 1.7.0, < 2.0)
      http-cookie (>= 1.0.2, < 2.0)
      mime-types (>= 1.16, < 4.0)
      netrc (~> 0.8)
    retriable (3.1.2)
    reverse_markdown (1.4.0)
      nokogiri
    rexml (3.2.4)
    rinku (2.0.6)
    rollup (0.8.0)
    rotp (6.2.0)
    rqrcode (0.10.1)
      chunky_png (~> 1.0)
    rubocop (0.89.0)
      parallel (~> 1.10)
      parser (>= 2.7.1.1)
      rainbow (>= 2.2.2, < 4.0)
      regexp_parser (>= 1.7)
      rexml
      rubocop-ast (>= 0.1.0, < 1.0)
      ruby-progressbar (~> 1.7)
      unicode-display_width (>= 1.4.0, < 2.0)
    rubocop-ast (0.8.0)
      parser (>= 2.7.1.5)
    rubocop-github (0.16.1.27.g54f3e11)
      rubocop (<= 1.6.1)
      rubocop-performance (<= 1.7.1)
      rubocop-rails (<= 2.7.1)
    rubocop-performance (1.7.1)
      rubocop (>= 0.82.0)
    rubocop-rails (2.7.1)
      activesupport (>= 4.2.0)
      rack (>= 1.1)
      rubocop (>= 0.87.0)
    rubocop-rspec (1.42.0)
      rubocop (>= 0.87.0)
    ruby-enum (0.7.2)
      i18n
    ruby-kafka (1.3.0)
      digest-crc
    ruby-progressbar (1.10.1)
    ruby-rc4 (0.1.5)
    ruby-xxHash (0.4.0.1)
    ruby2_keywords (0.0.2)
    rubyntlm (0.1.1)
    rubypants (0.2.0)
    rubyzip (2.3.0)
    rugged (0.28.5.942eb326)
    safe_yaml (1.0.5)
    safety_net_attestation (0.4.0)
      jwt (~> 2.0)
    sanitize (5.2.2)
      crass (~> 1.0.2)
      nokogiri (>= 1.8.0)
      nokogumbo (~> 2.0)
    sass (3.7.4)
      sass-listen (~> 4.0.0)
    sass-listen (4.0.0)
      rb-fsevent (~> 0.9, >= 0.9.4)
      rb-inotify (~> 0.9, >= 0.9.7)
    sawyer (0.8.2)
      addressable (>= 2.3.5)
      faraday (> 0.8, < 2.0)
    scientist (1.3.0)
    scrolls (0.3.8)
    secure_headers (6.3.0)
    securecompare (1.0.0)
    selenium-webdriver (3.142.7)
      childprocess (>= 0.5, < 4.0)
      rubyzip (>= 1.2.2)
    semantic (1.6.1)
    service-catalog-client (0.7.0)
      activesupport
    shellany (0.0.1)
    signet (0.14.0)
      addressable (~> 2.3)
      faraday (>= 0.17.3, < 2.0)
      jwt (>= 1.5, < 3.0)
      multi_json (~> 1.10)
    simple_lockfile (1.1.1)
    simple_uuid (0.3.0)
    simplecov (0.21.2)
      docile (~> 1.1)
      simplecov-html (~> 0.11)
      simplecov_json_formatter (~> 0.1)
    simplecov-html (0.12.3)
    simplecov_json_formatter (0.1.2)
    simpleidn (0.1.1)
      unf (~> 0.1.4)
    sinatra (2.0.8.1)
      mustermann (~> 1.0)
      rack (~> 2.0)
      rack-protection (= 2.0.8.1)
      tilt (~> 2.0)
    slop (3.6.0)
    smart_properties (1.15.0)
    solargraph (0.40.1)
      backport (~> 1.1)
      benchmark
      bundler (>= 1.17.2)
      e2mmap
      jaro_winkler (~> 1.5)
      kramdown (~> 2.3)
      kramdown-parser-gfm (~> 1.1)
      parser (~> 2.3)
      reverse_markdown (>= 1.0.5, < 3)
      rubocop (>= 0.52)
      thor (~> 1.0)
      tilt (~> 2.0)
      yard (~> 0.9, >= 0.9.24)
    sorbet-runtime (0.5.6111)
    sourcemap (0.1.1)
    spamurai-dev-kit (1.0.3)
      dogstatsd-ruby
      octicons
    spokes-proto (0.0.1.r86f0618)
      twirp (~> 1.1)
    sprockets (4.0.2)
      concurrent-ruby (~> 1.0)
      rack (> 1, < 3)
    sprockets-rails (3.2.2)
      actionpack (>= 4.0)
      activesupport (>= 4.0)
      sprockets (>= 3.0.0)
    ssh_data (1.1.0.24.g1c4cacb)
    sshkey (1.3.3)
    stackprof (0.2.15)
    statsd-ruby (0.3.0.github.3.38.gd478cc7)
    stripe (5.29.1)
    tcr (0.1.0)
    terminal-notifier (1.4.2)
    terminal-table (1.6.0)
    test-queue (0.4.2)
    text (1.3.1)
    thor (1.0.1)
    thread_safe (0.3.5.c8158c9)
    tilt (2.0.10)
    timecop (0.9.1)
    timeliness (0.3.10)
    token-scanning-client (1.0.0.rd5be7ca4)
      faraday (>= 0.15.4, < 1.0)
      google-protobuf (~> 3.9)
      twirp (~> 1.1)
    toml (0.2.0)
      parslet (~> 1.8.0)
    tomlrb (1.3.0)
    toxiproxy (1.0.3)
    tpm-key_attestation (0.10.0)
      bindata (~> 2.4)
      openssl-signature_algorithm (~> 1.0)
    treelights-client (0.1.1.gf3f412d)
      faraday (~> 0.9)
      google-protobuf (~> 3.5)
      twirp (~> 1.1)
    trilogy (1.0.3)
    trilogy_adapter (1.0.0.r2de4f80)
      activerecord (>= 5.2)
      trilogy (~> 1.0.0)
    trollop (2.1.3)
    ttfunk (1.7.0)
    turboscan-client (1.0.0.r4200dd5f)
      faraday (>= 0.15.4, < 1.0)
      google-protobuf (~> 3.9)
      twirp (~> 1.1)
    twilio-ruby (3.11.5)
      builder (>= 2.1.2)
      jwt (>= 0.1.2)
      multi_json (>= 1.3.0)
    twirp (1.1.0)
      faraday (~> 0)
      google-protobuf (~> 3.0, >= 3.0.0)
    typhoeus (1.3.1)
      ethon (>= 0.9.0)
    tzinfo (2.0.4)
      concurrent-ruby (~> 1.0)
    uber (0.1.0)
    unf (0.1.4)
      unf_ext
    unf_ext (0.0.7.7)
    unicode-confusable (1.7.0)
    unicode-display_width (1.7.0)
    unicode-scripts (1.6.0)
    unicorn (6.0.0)
      kgio (~> 2.6)
      raindrops (~> 0.7)
    vcr (5.1.0)
    vegas (0.1.11)
      rack (>= 1.0.0)
    venice (0.6.0)
      commander (~> 4.1)
      json
      terminal-table (~> 1.4)
    version_sorter (2.2.4)
    view_component (2.25.1)
      activesupport (>= 5.0.0, < 7.0)
    vintage-client (0.0.1.r233bca8)
      ffi (>= 1.10)
      rake (>= 12.3)
    wcag_color_contrast (0.1.0)
    webauthn (2.4.0)
      android_key_attestation (~> 0.3.0)
      awrence (~> 1.1)
      bindata (~> 2.4)
      cbor (~> 0.5.9)
      cose (~> 1.1)
      openssl (~> 2.0)
      safety_net_attestation (~> 0.4.0)
      securecompare (~> 1.0)
      tpm-key_attestation (~> 0.10.0)
    webdrivers (4.4.1)
      nokogiri (~> 1.6)
      rubyzip (>= 1.3.0)
      selenium-webdriver (>= 3.0, < 4.0)
    webmock (3.8.3.9.g382d84c)
      addressable (>= 2.3.6)
      crack (>= 0.3.2)
      hashdiff (>= 0.4.0, < 2.0.0)
    webpush (0.3.2)
      hkdf (~> 0.2)
      jwt
    webrick (1.7.0)
    websocket-driver (0.7.3)
      websocket-extensions (>= 0.1.0)
    websocket-extensions (0.1.5)
    wikicloth (0.8.1.github5.2.g1bdbe36)
      builder (~> 3.2.2)
      expression_parser (~> 0.9.0)
      i18n (~> 1.7.0)
      rinku (~> 2.0.0)
    will_paginate (3.3.0)
    xmlcanonicalizer (0.1.2)
    xmldsig (0.4.1)
      nokogiri
    xpath (3.2.0)
      nokogiri (~> 1.8)
    yajl-ruby (1.3.1)
    yard (0.9.26)
    yell (2.2.0)
    zeitwerk (2.4.0)
    zeus (0.15.14)
      method_source (>= 0.6.7)
    zuorest (2.5.0.1.g5693760)
      activesupport
      faraday (~> 0.9)
      faraday_middleware
      oauth2 (~> 1.4)

PLATFORMS
  ruby

DEPENDENCIES
  RedCloth (= 4.3.2)
  acme-client (= 2.0.6)
  actionview_precompiler (= 0.2.3.65.gc455f62)
  active_record_has_many_split_through (= 0.1.0.ree303cf)
  addressable (~> 2.3)
  aleph-client (= 3.1.0.ra6a478cd)
  allocation_sampler (= 1.0.0)
  aqueduct-client (= 0.1.0.rde91e83)
  arca (= 2.1.3)
  argon2
  asciidoctor (= 2.0.10.131.g4284a176)
  authnd-client (= 0.0.2.r42fe7cf)
  authzd-client (= 0.9.2.raf966021)
  aws-sdk-s3 (~> 1)
  azure_key_vault (~> 0.18.0)
  azure_mgmt_compute (~> 0.21.1)
  azure_mgmt_key_vault (~> 0.17.6)
  azure_mgmt_resources (~> 0.18.0)
  badge-ruler (= 0.0.1)
  bcrypt
  benchmark-ips (= 2.8.2)
  bert (= 1.1.10.48.g2a626e0)
  bertrpc (= 1.3.1.pre.github9)
  bindata (= 2.4.6)
  bootsnap (~> 1.7)
  braintree (~> 2.104)
  break
  browser (= 5.1.0)
  builder (= 3.2.3)
  capybara (= 3.10.0.660.g3e28cb90)
  charlock_holmes (= 0.7.7)
  chatops-controller (= 4.1.0.11.gc7ab6e2)
  chatterbox-client (= 2.1.3.gd04a86a)
  chroma (~> 0.2.0)
  chunky_png (~> 1.3.0)
  coconductor (~> 0.9)
  codeowners (= 0.0.1.r21f9e57)
  color (= 1.8)
  committee (= 3.2.0)
  commonmarker (= 0.21.0.2.g91d4548)
  concurrent-ruby-ext
  creole (= 0.3.6)
  cvss-suite (= 2.0.1)
  darrrr (= 0.1.6)
  diff-lcs (= 1.1.2)
  divvy (= 1.1.4.g677870a)
  dnsruby (= 1.61.4.4.gad45170)
  dogapi (~> 1.28.0)
  dogstatsd-ruby (~> 4.1.0)
  driftwood-client (= 0.0.1.r65554d4b)
  duo_api (= 1.0.1)
  earthsmoke (= 1.2.6)
  ecma-re-validator (~> 0.1)
  ed25519 (~> 1.2)
  egress (= 0.0.8)
  elastomer-client (~> 3.2)
  email_reply_parser (= 0.5.10)
  enterprise-crypto (= 0.4.23)
  erb_lint (= 0.0.34)
  ernicorn (= 1.0.3)!
  escape_utils (= 1.2.1)
  eventer-client (= 0.4.2.g50ee773)
  excon (~> 0.71)
  factory_bot_rails (= 6.1.0)
  failbot (= 2.8.0)
  faker (~> 2.11.0)
  faraday (~> 0.17.0)
  fast_blank (= 1.0.0)
  fast_gettext (= 2.0.3)
  flipper (= 0.17.2)
  freno-client (~> 0.8.1)
  gemoji (= 4.0.0.rc1)
  geo_pattern (~> 1.2.1)
  geoip2_compat (= 0.0.3)
  get_process_mem (~> 0.2.7)
  gettext (>= 3.3.6)
  gettext_i18n_rails (= 1.8.1)
  geyser-client (= 0.20.0.rb8370f36)
  gibbon (= 2.2.3)
  github-ds (= 0.5.0.2.g30f20e8)
  github-launch (= 0.0.1.rc3f6244d2)
  github-ldap (= 1.10.1.7.g5a50c9c)
  github-linguist (= 7.13.0)
  github-markup (= 3.0.4)
  github-pages-health-check (= 1.16.1.8.g5aea803)
  github-proto-auditlogs (= 0.0.1.gf480608)
  github-proto-features (= 0.0.1.gf480608)
  github-proto-insights (= 1.0.1.rff71795)
  github-proto-octocat (= 1.0.0.r07ac63f)
  github-proto-packageregistry (= 1.12.1.rbcd12e1)
  github-proto-policy (= 1.0.0.r8e0315f)
  github-proto-repositories (= 1.2.11.re9f78aa)
  github-proto-secretscanning (= 1.3.3.r291106d)
  github-proto-support (= 1.1.1.r1d24950)
  github-proto-users (= 1.3.0.r47a1f7a)
  github_chatops_extensions (= 0.0.2)
  gitrpc!
  google-api-client (~> 0.48)
  google-protobuf (~> 3.12)
  googleapis-common-protos-types (~> 1.0.1)
  goomba (= 0.0.1.399.g354dff8)
  gpgme (~> 2.0)
  graphql (= 1.11.8)
  graphql-batch (= 0.4.3)
  graphql-client (= 0.16.0.52.g8fb3a8a)
  graphql-relay-walker (= 0.3.0)
  graphql-schema_comparator (= 1.0.0)
  group_syncer (= 1.6.4.r18b43bbc)
  grpc (= 1.31.0.pre2)
  guard (~> 2.16)
  guard-livereload (~> 2.5)
  hana (~> 1.3.6)
  hiredis (= 0.6.3)
  homograph-detector (~> 0.1.1)
  horcrux (= 0.1.2)
  html-proofer (= 3.12.2)
  http_parser.rb (~> 0.5.2)
  hydro-client (= 0.3.1.154.g3123dbd)
  inline_svg (= 1.3.1)
  ipaddr (= 1.2.2)
  ipaddress
  json_schema (~> 0.20.0)
  jwt (~> 2.1.0)
  ladle (~> 1.0)
  launchy
  letter_opener (= 1.7.0)
  levenshtein-ffi (~> 1.1)
  licensed (~> 2.0)
  licensee (~> 9.10)
  lightstep (= 0.16.0.pre.github)
  liquid
  lmdb (~> 0.4.8)
  lru_redux (= 0.8.4.14.g99d8d60)
  lz4-ruby (~> 0.3.3)
  mail (~> 2.6)
  mapbox-sdk (= 2.3.0.9.g727cf07)
  marginalia (= 1.10.0.1.gc8e4f5e)
  memcached (= 1.8.0)
  minitest (~> 5.14.0)
  minitest-focus (= 1.2.1)
  minitest-stub-const (= 0.6)
  mocha (= 1.1.0)
  mochilo (= 1.3.5.g70afb07)
  monetize (= 1.10.0)
  money (~> 6.13.0)
  money-open-exchange-rates (~> 1.3)
  monolith-twirp-actions-core (= 1.0.13)
  monolith-twirp-billing-accounts (= 1.1.0)
  monolith-twirp-classroom-integration (= 1.0.2)
  monolith-twirp-classroom-repositories (= 1.0.5)
  monolith-twirp-classroom-users (= 1.0.1)
  monolith-twirp-examples-octocat (= 1.0.1)
  monolith-twirp-features-core (= 1.0.0)
  monolith-twirp-insights-auth (= 1.0.0)
  monolith-twirp-mailreplies-replies (= 1.0.0)
  monolith-twirp-octoshift-imports (= 1.0.20)
  monolith-twirp-octoshift-migrations (= 1.1.1)
  monolith-twirp-packageregistry-auditlog (= 1.0.2)
  monolith-twirp-support-helphub (= 1.11.0)
  msgpack (~> 1.0)
  mustache (= 0.99.4)
  net-http-persistent (~> 4.0.1)
  net-ldap (= 0.16.2)
  nokogiri (>= 1.11)
  oa-enterprise (= 0.3.2.g3930d46)
  oauth2 (~> 1.4.1)
  octicons_helper (= 12.1.0)
  octokit (~> 4.3)
  octolytics (= 0.18.0.1.gaf19991)
  octotracer (= 0.0.7)
  optimizely-sdk (= 3.3.1)
  org-ruby (= 0.9.12)
  packwerk (~> 1.1.0)
  parser (~> 2.7.0)
  pathspec (~> 0.1.2)
  pdf-reader (= 2.2.0)
  phonelib (~> 0.6.22)
  pinglish (= 0.2.1)
  posix-spawn (= 0.3.15)
  prawn (= 2.4.0)
  prawn-svg (= 0.31.0)
  prawn-table (= 0.2.2)
  premailer (= 1.13.1)
  presto-client (= 0.5.2)
  primer_view_components (= 0.0.31)
  prometheus_exporter (= 0.5.3)
  prose_diff (= 0.3.1)
  proto-dependabot-api (= 0.0.11.rea2a3d47)
  proto-dependency-graph-api (= 1.0.0.r86addef7)
  proto-policies (= 0.1.5.79.g77e337d)
  proto-registry-metadata-api (= 0.12.0.r06e82f2b)
  pry
  pry-byebug (~> 3.9)
  public_suffix (~> 4.0)
  rack (= 2.1.4)
  rack-bug (= 0.3.0)
  rack-test (= 0.6.3)
  rails (= 7.0.0.alpha.92281b4)
  rails-controller-testing (= 1.0.5)
  rake (= 13.0.1)
  rblineprof (= 0.3.7)
  rbnacl (~> 7.0)
  rbtrace (= 0.4.10)
  rdoc (= 6.2.1)
  redis (~> 4.0)
  resilient (~> 0.4.0)
  resque (= 1.20.0.74.g5be47e2)
  resqued (= 0.11.0)
  rinku (= 2.0.6)
  rollup (= 0.8.0)
  rotp (~> 6.2.0)
  rqrcode (= 0.10.1)
  rubocop (= 0.89.0)
  rubocop-ast
  rubocop-github (= 0.16.1.27.g54f3e11)
  rubocop-performance (~> 1.7)
  rubocop-rails (~> 2.7)
  rubocop-rspec (~> 1.30, >= 1.30.1)
  ruby-kafka (= 1.3.0)
  ruby-progressbar (~> 1.7)
  rubypants (= 0.2.0)
  safe_yaml (= 1.0.5)
  sanitize (= 5.2.2)
  sass (= 3.7.4)
  scientist (= 1.3.0)
  scrolls (= 0.3.8)
  secure_headers (= 6.3.0)
  selenium-webdriver
  service-catalog-client (= 0.7.0)
  simple_lockfile (~> 1.1.1)
  simple_uuid (~> 0.3.0)
  simplecov (~> 0.19)
  sinatra (= 2.0.8.1)
  slop (~> 3.4)
  solargraph (~> 0.40.1)
  sourcemap (= 0.1.1)
  spamurai-dev-kit (= 1.0.3)
  spokes-proto (= 0.0.1.r86f0618)
  ssh_data (= 1.1.0.24.g1c4cacb)
  sshkey (~> 1.3.2)
  stackprof (= 0.2.15)
  statsd-ruby (= 0.3.0.github.3.38.gd478cc7)
  stripe (= 5.29.1)
  tcr (= 0.1.0)
  terminal-notifier (= 1.4.2)
  terminal-table (~> 1.6.0)
  test-queue (= 0.4.2)
  thread_safe (= 0.3.5.c8158c9)
  timecop (= 0.9.1)
  token-scanning-client (= 1.0.0.rd5be7ca4)
  toxiproxy (= 1.0.3)
  treelights-client (= 0.1.1.gf3f412d)
  trilogy (= 1.0.3)
  trilogy_adapter (= 1.0.0.r2de4f80)
  turboscan-client (= 1.0.0.r4200dd5f)
  twilio-ruby (= 3.11.5)
  twirp (~> 1.1)
  unicorn (= 6.0.0)
  vcr (~> 5.0)
  venice (= 0.6.0)
  version_sorter (= 2.2.4)
  view_component (= 2.25.1)
  vintage-client (= 0.0.1.r233bca8)
  wcag_color_contrast (~> 0.1.0)
  webauthn (~> 2.4.0)
  webdrivers
  webmock (= 3.8.3.9.g382d84c)
  webpush (= 0.3.2)
  webrick
  wikicloth (= 0.8.1.github5.2.g1bdbe36)
  will_paginate (~> 3.1)
  xmldsig (= 0.4.1)
  yajl-ruby (~> 1.3)
  zeus (~> 0.15.14)
  zuorest (= 2.5.0.1.g5693760)

